GEM
  remote: https://rubygems.org/
  specs:
    bacon (1.1.0)
    diff-lcs (1.1.3)
    em-spec (0.2.6)
      bacon
      eventmachine
      rspec (> 2.6.0)
      test-unit
    eventmachine (1.0.0.beta.4)
    rack (1.3.6)
    rack-test (0.6.1)
      rack (>= 1.0)
    rspec (2.8.0)
      rspec-core (~> 2.8.0)
      rspec-expectations (~> 2.8.0)
      rspec-mocks (~> 2.8.0)
    rspec-core (2.8.0)
    rspec-expectations (2.8.0)
      diff-lcs (~> 1.1.2)
    rspec-mocks (2.8.0)
    test-unit (2.4.7)

PLATFORMS
  ruby

DEPENDENCIES
  em-spec
  rack-test
  rspec
